GEM
  remote: http://rubygems.org/
  specs:
    dotenv (2.0.2)
    rainbow (2.0.0)
    sass (3.4.19)
    scss_lint (0.43.0)
      rainbow (~> 2.0)
      sass (~> 3.4.15)

PLATFORMS
  ruby

DEPENDENCIES
  dotenv
  scss_lint

BUNDLED WITH
   1.10.6
